GEM
  remote: https://rubygems.org/
  specs:
    concurrent-ruby (1.1.6)

PLATFORMS
  x64-mingw32

DEPENDENCIES
  concurrent-ruby

BUNDLED WITH
   1.17.2
